PATH
  remote: .
  specs:
    settings_yaml (1.0.0)
      activesupport-core-ext (~> 4.0)
      hashie (~> 3.4)

GEM
  remote: https://rubygems.org/
  specs:
    activesupport-core-ext (4.0.0.3)
    diff-lcs (1.2.5)
    hashie (3.4.2)
    rake (10.4.2)
    rspec (3.3.0)
      rspec-core (~> 3.3.0)
      rspec-expectations (~> 3.3.0)
      rspec-mocks (~> 3.3.0)
    rspec-core (3.3.2)
      rspec-support (~> 3.3.0)
    rspec-expectations (3.3.1)
      diff-lcs (>= 1.2.0, < 2.0)
      rspec-support (~> 3.3.0)
    rspec-mocks (3.3.2)
      diff-lcs (>= 1.2.0, < 2.0)
      rspec-support (~> 3.3.0)
    rspec-support (3.3.0)
    test_construct (2.0.1)

PLATFORMS
  ruby

DEPENDENCIES
  bundler (~> 1.9)
  rake (~> 10.0)
  rspec (~> 3.3)
  settings_yaml!
  test_construct (~> 2.0)

BUNDLED WITH
   1.10.6
